GIT
  remote: git://github.com/middleman-contrib/middleman-deploy.git
  revision: 243ab38b08896cd5a37d6845a01a5761b934a898
  specs:
    middleman-deploy (2.0.0.pre.alpha)
      middleman-core (>= 3.2)
      net-sftp
      ptools

GEM
  remote: https://rubygems.org/
  specs:
    actionpack (4.2.7.1)
      actionview (= 4.2.7.1)
      activesupport (= 4.2.7.1)
      rack (~> 1.6)
      rack-test (~> 0.6.2)
      rails-dom-testing (~> 1.0, >= 1.0.5)
      rails-html-sanitizer (~> 1.0, >= 1.0.2)
    actionview (4.2.7.1)
      activesupport (= 4.2.7.1)
      builder (~> 3.1)
      erubis (~> 2.7.0)
      rails-dom-testing (~> 1.0, >= 1.0.5)
      rails-html-sanitizer (~> 1.0, >= 1.0.2)
    activesupport (4.2.7.1)
      i18n (~> 0.7)
      json (~> 1.7, >= 1.7.7)
      minitest (~> 5.1)
      thread_safe (~> 0.3, >= 0.3.4)
      tzinfo (~> 1.1)
    addressable (2.4.0)
    backports (3.6.8)
    bh (1.3.6)
      actionpack
      activesupport
    builder (3.2.2)
    chunky_png (1.3.7)
    coderay (1.1.1)
    coffee-script (2.4.1)
      coffee-script-source
      execjs
    coffee-script-source (1.10.0)
    compass (1.0.3)
      chunky_png (~> 1.2)
      compass-core (~> 1.0.2)
      compass-import-once (~> 1.0.5)
      rb-fsevent (>= 0.9.3)
      rb-inotify (>= 0.9)
      sass (>= 3.3.13, < 3.5)
    compass-core (1.0.3)
      multi_json (~> 1.0)
      sass (>= 3.3.0, < 3.5)
    compass-import-once (1.0.5)
      sass (>= 3.2, < 3.5)
    concurrent-ruby (1.0.2)
    contracts (0.13.0)
    dotenv (2.1.1)
    em-websocket (0.5.1)
      eventmachine (>= 0.12.9)
      http_parser.rb (~> 0.6.0)
    erubis (2.7.0)
    eventmachine (1.2.0.1)
    execjs (2.7.0)
    fast_blank (1.0.0)
    fastimage (2.0.0)
      addressable (~> 2)
    ffi (1.9.14)
    haml (4.0.7)
      tilt
    hamster (3.0.0)
      concurrent-ruby (~> 1.0)
    hashie (3.4.4)
    http_parser.rb (0.6.0)
    i18n (0.7.0)
    json (1.8.3)
    kramdown (1.12.0)
    listen (3.0.8)
      rb-fsevent (~> 0.9, >= 0.9.4)
      rb-inotify (~> 0.9, >= 0.9.7)
    loofah (2.0.3)
      nokogiri (>= 1.5.9)
    memoist (0.15.0)
    middleman (4.1.10)
      coffee-script (~> 2.2)
      compass-import-once (= 1.0.5)
      haml (>= 4.0.5)
      kramdown (~> 1.2)
      middleman-cli (= 4.1.10)
      middleman-core (= 4.1.10)
      sass (>= 3.4.0, < 4.0)
    middleman-cli (4.1.10)
      thor (>= 0.17.0, < 2.0)
    middleman-compass (4.0.1)
      compass (>= 1.0.0, < 2.0.0)
      middleman-core (>= 4.0.0)
    middleman-core (4.1.10)
      activesupport (~> 4.2)
      addressable (~> 2.3)
      backports (~> 3.6)
      bundler (~> 1.1)
      contracts (~> 0.13.0)
      dotenv
      erubis
      execjs (~> 2.0)
      fast_blank
      fastimage (~> 2.0)
      hamster (~> 3.0)
      hashie (~> 3.4)
      i18n (~> 0.7.0)
      listen (~> 3.0.0)
      memoist (~> 0.14)
      padrino-helpers (~> 0.13.0)
      parallel
      rack (>= 1.4.5, < 2.0)
      sass (>= 3.4)
      servolux
      tilt (~> 1.4.1)
      uglifier (~> 3.0)
    middleman-livereload (3.4.6)
      em-websocket (~> 0.5.1)
      middleman-core (>= 3.3)
      rack-livereload (~> 0.3.15)
    middleman-syntax (3.0.0)
      middleman-core (>= 3.2)
      rouge (~> 2.0)
    mini_portile2 (2.1.0)
    minitest (5.9.0)
    multi_json (1.12.1)
    net-sftp (2.1.2)
      net-ssh (>= 2.6.5)
    net-ssh (3.2.0)
    nokogiri (1.6.8)
      mini_portile2 (~> 2.1.0)
      pkg-config (~> 1.1.7)
    org-ruby (0.9.12)
      rubypants (~> 0.2)
    padrino-helpers (0.13.3.1)
      i18n (~> 0.6, >= 0.6.7)
      padrino-support (= 0.13.3.1)
      tilt (>= 1.4.1, < 3)
    padrino-support (0.13.3.1)
      activesupport (>= 3.1)
    parallel (1.9.0)
    pkg-config (1.1.7)
    ptools (1.3.3)
    rack (1.6.4)
    rack-livereload (0.3.16)
      rack
    rack-test (0.6.3)
      rack (>= 1.0)
    rails-deprecated_sanitizer (1.0.3)
      activesupport (>= 4.2.0.alpha)
    rails-dom-testing (1.0.7)
      activesupport (>= 4.2.0.beta, < 5.0)
      nokogiri (~> 1.6.0)
      rails-deprecated_sanitizer (>= 1.0.1)
    rails-html-sanitizer (1.0.3)
      loofah (~> 2.0)
    rb-fsevent (0.9.7)
    rb-inotify (0.9.7)
      ffi (>= 0.5.0)
    rouge (2.0.6)
    rubypants (0.5.0)
    sass (3.4.22)
    servolux (0.12.0)
    thor (0.19.1)
    thread_safe (0.3.5)
    tilt (1.4.1)
    tzinfo (1.2.2)
      thread_safe (~> 0.1)
    uglifier (3.0.2)
      execjs (>= 0.3.0, < 3)

PLATFORMS
  ruby

DEPENDENCIES
  bh (~> 1.2)
  coderay
  middleman (>= 4.0.0)
  middleman-compass (>= 4.0.0)
  middleman-deploy!
  middleman-livereload
  middleman-syntax
  org-ruby (>= 0.6.2)
  tzinfo-data
  wdm (~> 0.1.0)

BUNDLED WITH
   1.12.5
